PATH
  remote: /home/david/code/ruby/tic_tac_doh
  specs:
    tic_tac_doh (0.1.1)

GEM
  remote: https://rubygems.org/
  specs:

PLATFORMS
  ruby

DEPENDENCIES
  tic_tac_doh!
